##TITLE= Parameter file, TopSpin 4.3.0
##JCAMPDX= 5.0
##DATATYPE= Parameter Values
##NPOINTS= 19	$$ modification sequence number
##ORIGIN= Bruker BioSpin GmbH
##OWNER= osbornpt
$$ 2025-03-14 11:09:09.365 -0700  osbornpt@robinson.science.oregonstate.edu
$$ /opt/osu/chemistry/osbornpt/20240806_HFXY-HCN_ZIF8/2/pdata/1/procs
$$ process /opt/topspin4.3.0/prog/mod/proc1d
##$ABSF1= 0
##$ABSF2= 0
##$ABSG= 0
##$ABSL= 0
##$ALPHA= 0
##$AQORDER= 0
##$ASSFAC= 0
##$ASSFACI= 0
##$ASSFACX= 0
##$ASSWID= 0
##$AUNMP= <proc_1d>
##$AXLEFT= 0
##$AXNAME= <>
##$AXNUC= <13C>
##$AXRIGHT= 0
##$AXTYPE= 0
##$AXUNIT= <>
##$AZFE= 0.1
##$AZFW= 0.5
##$BCFW= 0
##$BC_mod= 0
##$BYTORDP= 0
##$COROFFS= 0
##$CY= 100
##$DATMOD= 1
##$DC= 0
##$DFILT= <>
##$DTYPP= 0
##$ERETIC= no
##$F1P= 251.577697753906
##$F2P= -58.9852253339602
##$FCOR= 1
##$FTSIZE= 32768
##$FT_mod= 6
##$GAMMA= 0
##$GB= 0
##$INTBC= 1
##$INTSCL= 1
##$ISEN= 128
##$LB= 0
##$LEV0= 0
##$LPBIN= 0
##$MAXI= 200
##$MC2= 0
##$MEAN= 0
##$ME_mod= 0
##$MI= 60
##$MddCEXP= no
##$MddCT_SP= no
##$MddF180= no
##$MddLAMBDA= 0
##$MddMEMORY= 0
##$MddMERGE= 0
##$MddNCOMP= 0
##$MddNITER= 0
##$MddNOISE= 0
##$MddPHASE= 0
##$MddSEED= 0
##$MddSRSIZE= 0
##$Mdd_CsALG= 0
##$Mdd_CsLAMBDA= 0
##$Mdd_CsNITER= 0
##$Mdd_CsNORM= 0
##$Mdd_CsVE= no
##$Mdd_CsZF= 0
##$Mdd_LrLAMBDA= 0
##$Mdd_LrNITER= 0
##$Mdd_LrRANK= 0
##$Mdd_LrZF= 0
##$Mdd_mod= 0
##$NCOEF= 0
##$NC_proc= 6
##$NLEV= 6
##$NOISF1= 5
##$NOISF2= -5
##$NSP= 0
##$NTH_PI= 0
##$NZP= 0
##$OFFSET= 251.4755
##$PC= 0.2
##$PHC0= -103.2695
##$PHC1= 25.30787
##$PH_mod= 1
##$PKNL= yes
##$PPARMOD= 0
##$PPDIAG= 0
##$PPIPTYP= 0
##$PPMPNUM= 2147483647
##$PPRESOL= 1
##$PSCAL= 0
##$PSIGN= 0
##$PYNMP= <>
##$RDF1= 0
##$RDF2= 0
##$RDFWHM= 0
##$RDINT= 0
##$RDPOS= 0
##$REVERSE= no
##$SF= 100.623741178998
##$SI= 32768
##$SIGF1= 40
##$SIGF2= 20
##$SINO= 0
##$SIOLD= 4096
##$SPECTYP= <>
##$SREF_mod= 1
##$SREGLST= <>
##$SSB= 0
##$STSI= 32768
##$STSR= 0
##$SW_p= 31250
##$SYMM= 0
##$S_DEV= 0
##$TDeff= 2048
##$TDoff= 0
##$TI= <>
##$TILT= no
##$TM1= 0
##$TM2= 0
##$TOPLEV= 0
##$USERP1= <>
##$USERP10= <>
##$USERP2= <>
##$USERP3= <>
##$USERP4= <>
##$USERP5= <>
##$USERP6= <>
##$USERP7= <>
##$USERP8= <>
##$USERP9= <>
##$WDW= 0
##$XDIM= 0
##$YMAX_p= 391329396
##$YMIN_p= -8084167
##END=
