##TITLE= Parameter file, TopSpin 4.1.4
##JCAMPDX= 5.0
##DATATYPE= Parameter Values
##NPOINTS= 2	$$ modification sequence number
##ORIGIN= Bruker BioSpin GmbH
##OWNER= nmr
$$ 2022-05-16 16:04:09.446 +0200  nmr@CZC919C531
$$ D:/Data/sto/exam_800MHz/11//specpar
$$ process C:\Bruker\TopSpin4.1.4\prog\mod\acqdataserver.exe
##$ANCIEN= (0..7)
0 0 0 0 0 0 0 0
##$BF1= 100.13
##$BF2= 100.13
##$BF3= 100.13
##$DEC= 1
##$DECB= 1
##$DEF19F= yes
##$DEFRSEL= yes
##$HPMOD= (0..32)
0 0 0 0 0 0 0 0 0 0 0 0 0 0 0 0 0 0 0 0 0 0 0 0 0 0 0 0 0 0 0 0 0
##$HPPRECH= (0..32)
-1 -1 -1 -1 -1 -1 -1 -1 -1 -1 -1 -1 -1 -1 -1 -1 -1 -1 -1 -1 -1 -1 -1 -1
-1 -1 -1 -1 -1 -1 -1 -1 -1
##$HPSELECT= yes
##$LOCSW19F= -1
##$LOCSW2H= -1
##$NUC1= 13
##$NUC2= 2
##$NUC3= 0
##$NUC4= 0
##$NUC5= 0
##$NUC6= 0
##$NUC7= 0
##$NUC8= 0
##$NUCARR= (0..123)
799.8 799.8 122.774169662 853.098464052 609.279450048 117.699255828 310.832648406
112.386400374 85.927776684 256.607624052 201.10986996 57.796083366 81.043030176
108.424543086 752.563899978 63.138579408 211.5622962 48.96083673 208.402758282
158.897761626 323.764974516 61.392648 78.363676182 65.22948855 37.321651254
46.404539964 20.48531739 53.826771942 194.285392506 45.088996932 45.101017926
79.742531382 210.370978104 45.208663008 198.264165564 25.895748444 189.769137852
71.470535898 212.070753054 227.172736614 50.041910394 191.962829292 243.912638592
27.89954337 136.946666772 152.533960974 41.731340556 200.38173204 215.998130964
30.7731048 77.220234114 261.698191092 34.661908356 39.191783604 74.351791404
195.76040766 52.122374148 53.21625261 180.021591348 36.831997698 41.280629262
25.485203106 36.5996478 32.374456362 37.218956934 169.68140904 177.50101365
174.88230849 175.257206742 261.684554502 284.986807482 298.250474736 191.396754846
103.647817566 209.305596516 252.335052462 160.019873028 222.425867628 65.934880158
104.902903716 79.455787086 88.881198144 105.5280114 112.976876718 244.89876
43.5891 26.87328 33.35166 27.51312 198.83028 87.81804 24.55386 32.23194
192.27192 27.51312 38.55036 170.67732 23.03424 66.30342 139.959449388 38.558358
91.209192 65.031738 32.047986 20.130966 95.8928208 33.322763226 180.1517508
181.9672968 18.254083338 62.1076692 13.740564 14.964258 171.931278432 13.828542
143.250754356 52.879440834 456.8713536 461.355336324 167.322950802 128.522165424
14.7275172 29.03274 100
##$NUCOFFS= (0..127)
<13C> <1H> <2H> <15N> <31P> <11B> <17O> <6Li> <14N> <35Cl> <135Ba> <50V>
<43Ca> <37Cl> <85Rb> <41K> <47Ti> <49Ti> <25Mg> <91Zr> <61Ni> <33S> <7Li>
<79Br> <101Ru> <131Xe> <27Al> <9Be> <29Si> <207Pb> <87Rb> <21Ne> <23Na>
<71Ga> <79Se> <75As> <51V> <53Cr> <55Mn> <59Co> <63Cu> <65Cu> <57Fe> <67Zn>
<69Ga> <73Ge> <77Se> <89Y> <87Sr> <19F> <127I> <3H> <> <> <> <> <> <> <>
<> <> <> <> <> <> <> <> <> <> <> <> <> <> <> <> <> <> <> <> <> <> <> <>
<> <> <> <> <> <> <> <> <> <> <> <> <> <> <> <> <> <> <> <> <> <> <> <>
<> <> <> <> <> <> <> <> <> <> <> <> <> <> <> <> <> <> <> <> <>
##$OBS= 1
##$OFFS= (0..127)
70 0 0 0 0 0 0 0 0 0 0 0 0 0 0 0 0 0 0 0 0 0 0 0 0 0 0 0 0 0 0 0 0 0 0
0 0 0 0 0 0 0 0 0 0 0 0 0 0 0 0 0 0 0 0 0 0 0 0 0 0 0 0 0 0 0 0 0 0 0 0
0 0 0 0 0 0 0 0 0 0 0 0 0 0 0 0 0 0 0 0 0 0 0 0 0 0 0 0 0 0 0 0 0 0 0 0
0 0 0 0 0 0 0 0 0 0 0 0 0 0 0 0 0 0 0 0 0
##$OFFSF= (0..7)
0 0 0 0 0 0 0 0
##$OFFSH= (0..7)
0 0 0 0 0 0 0 0
##$OFFSX= (0..7)
0 0 0 0 0 0 0 0
##$OFFSXAS= (0..7)
0 0 0 0 0 0 0 0
##$OFSF1= 0
##$OFSF2= 0
##$OFSH1= 0
##$OFSH2= 0
##$OFSH3= 0
##$OFSX1= 0
##$OFSX2= 0
##$OFSY= 0
##$PACOIL= (0..32)
0 0 0 0 0 0 0 0 0 0 0 0 0 0 0 0 0 0 0 0 0 0 0 0 0 0 0 0 0 0 0 0 0
##$PRECHAN= (0..32)
-1 0 1 2 3 6 -1 4 5 -1 -1 -1 -1 -1 -1 -1 -1 -1 -1 -1 -1 -1 -1 -1 -1 -1
-1 -1 -1 -1 -1 -1 -1
##$RECPRE= (0..25)
-1 0 1 2 4 6 -1 -1 -1 -1 -1 -1 -1 -1 -1 -1 -1 -1 -1 -1 -1 -1 -1 -1 -1 -1
##$RECPRFX= (0..32)
1 1 1 0 1 0 1 0 0 0 0 0 0 0 0 0 0 0 0 0 0 0 0 0 0 0 0 0 0 0 0 0 0
##$RECSEL= (0..24)
0 1 2 3 4 5 6 7 8 9 10 11 12 13 14 15 16 17 18 19 20 21 22 23 24
##$SELREC= (0..24)
0 0 0 0 0 0 0 0 0 0 0 0 0 0 0 0 0 0 0 0 0 0 0 0 0
##$SFO1= 108.424543
##$SFO2= 122.77417
##$SFO3= 799.8
##$SFO4= 799.8
##$SFO5= 799.8
##$SFO6= 799.8
##$SFO7= 799.8
##$SFO8= 799.8
##$TY= (0..123)
0 0 0 0 0 0 0 0 0 0 0 0 0 0 0 0 0 0 0 0 0 0 0 0 0 0 0 0 0 0 0 0 0 0 0 0
0 0 0 0 0 0 0 0 0 0 0 0 0 0 0 0 0 0 0 0 0 0 0 0 0 0 0 0 0 0 0 0 0 0 0 0
0 0 0 0 0 0 0 0 0 0 0 0 0 0 0 0 0 0 0 0 0 0 0 0 0 0 0 0 0 0 0 0 0 0 0 0
0 0 0 0 0 0 0 0 0 0 0 0 0 0 0 0
##END=
