##TITLE= Parameter file, TopSpin 4.3.0
##JCAMPDX= 5.0
##DATATYPE= Parameter Values
##NPOINTS= 9	$$ modification sequence number
##ORIGIN= Bruker BioSpin GmbH
##OWNER= osbornpt
$$ 2024-08-06 14:35:14.450 -0700  osbornpt@robinson.science.oregonstate.edu
$$ /opt/osu/chemistry/osbornpt/20240806_HFXY-HCN_ZIF8/3//specpar
$$ process /opt/topspin4.3.0/prog/mod/acqdataserver
##$ANCIEN= (0..7)
0 0 0 0 0 0 0 0
##$BF1= 100.13
##$BF2= 100.13
##$BF3= 100.13
##$DEC= 1
##$DECB= 1
##$DEF19F= yes
##$DEFRSEL= yes
##$HPMOD= (0..32)
0 0 0 0 0 0 0 0 0 0 0 0 0 0 0 0 0 0 0 0 0 0 0 0 0 0 0 0 0 0 0 0 0
##$HPPRECH= (0..32)
-1 -1 -1 -1 -1 -1 -1 -1 -1 -1 -1 -1 -1 -1 -1 -1 -1 -1 -1 -1 -1 -1 -1 -1
-1 -1 -1 -1 -1 -1 -1 -1 -1
##$HPSELECT= yes
##$LOCSW19F= -1
##$LOCSW2H= -1
##$NUC1= 1
##$NUC2= 0
##$NUC3= 0
##$NUC4= 0
##$NUC5= 0
##$NUC6= 0
##$NUC7= 0
##$NUC8= 0
##$NUCARR= (0..123)
400.172 400.172 61.428838487 426.839358035 304.846931839 58.889655668 155.522033731
56.231421119 42.993111092 128.391080435 100.623329434 28.917697265 40.549076608
54.249145106 376.537885699 31.590762189 105.853097268 24.497069212 104.272253797
79.502919561 161.992594876 30.71720272 39.208488403 32.636927847 18.673518162
23.218051471 10.249625445 26.93169165 97.208769805 22.559832558 22.565847144
39.898384931 105.25703307 22.619706294 99.199509455 12.956680978 94.949106568
35.759574008 106.107498614 113.663626352 25.037973702 96.046698329 122.039270331
13.959259902 68.519906896 76.318855002 20.879862482 100.259012846 108.072523211
15.397017872 38.636378502 130.938095181 17.342742174 19.60922034 37.201181632
97.946779012 26.078913112 26.626224355 90.072018321 18.42852486 20.654353555
12.751268689 18.312270892 16.198238249 18.622136076 84.898410626 88.810872261
87.500629099 87.688205722 130.931272249 142.590323485 149.226667887 95.763468592
51.859157853 104.723979956 126.253341603 80.064356876 111.288577519 32.989863544
52.487127765 39.754915266 44.470826236 52.799894196 56.526860102 122.5326664
21.809374 13.4457792 16.6871724 13.7659168 99.4827592 43.9388856 12.2852804
16.1269316 96.2013488 13.7659168 19.2882904 85.3967048 11.5249536 33.1742588
70.027322806 19.29229212 45.63561488 32.53798532 16.03489204 10.07232924
47.979022112 16.672714186 90.137142312 91.045532752 9.133249609 31.074956488
6.87495496 7.48721812 86.024110469 6.91897388 71.674094614 26.457703923
228.591051904 230.834568201 83.71837943 64.304791175 7.368767208 14.5262436
100
##$NUCOFFS= (0..127)
<13C> <1H> <2H> <15N> <27Al> <79Br> <19F> <31P> <> <> <> <> <> <> <> <>
<> <> <> <> <> <> <> <> <> <> <> <> <> <> <> <> <> <> <> <> <> <> <> <>
<> <> <> <> <> <> <> <> <> <> <> <> <> <> <> <> <> <> <> <> <> <> <> <>
<> <> <> <> <> <> <> <> <> <> <> <> <> <> <> <> <> <> <> <> <> <> <> <>
<> <> <> <> <> <> <> <> <> <> <> <> <> <> <> <> <> <> <> <> <> <> <> <>
<> <> <> <> <> <> <> <> <> <> <> <> <> <> <> <>
##$OBS= 1
##$OFFS= (0..127)
0 0 0 0 0 0 0 0 0 0 0 0 0 0 0 0 0 0 0 0 0 0 0 0 0 0 0 0 0 0 0 0 0 0 0 0
0 0 0 0 0 0 0 0 0 0 0 0 0 0 0 0 0 0 0 0 0 0 0 0 0 0 0 0 0 0 0 0 0 0 0 0
0 0 0 0 0 0 0 0 0 0 0 0 0 0 0 0 0 0 0 0 0 0 0 0 0 0 0 0 0 0 0 0 0 0 0 0
0 0 0 0 0 0 0 0 0 0 0 0 0 0 0 0 0 0 0 0
##$OFFSF= (0..7)
0 0 0 0 0 0 0 0
##$OFFSH= (0..7)
0 0 0 0 0 0 0 0
##$OFFSX= (0..7)
0 0 0 0 0 0 0 0
##$OFFSXAS= (0..7)
0 0 0 0 0 0 0 0
##$OFSF1= 0
##$OFSF2= 0
##$OFSH1= 0
##$OFSH2= 0
##$OFSH3= 0
##$OFSX1= 0
##$OFSX2= 0
##$OFSY= 0
##$PACOIL= (0..32)
0 0 0 0 0 0 0 0 0 0 0 0 0 0 0 0 0 0 0 0 0 0 0 0 0 0 0 0 0 0 0 0 0
##$PRECHAN= (0..32)
-1 0 2 -1 3 -1 1 -1 -1 -1 -1 -1 -1 -1 -1 -1 -1 -1 -1 -1 -1 -1 -1 -1 -1
-1 -1 -1 -1 -1 -1 -1 -1
##$RECPRE= (0..25)
-1 0 2 3 -1 -1 -1 -1 -1 -1 -1 -1 -1 -1 -1 -1 -1 -1 -1 -1 -1 -1 -1 -1 -1
-1
##$RECPRFX= (0..32)
1 0 1 1 0 0 0 0 0 0 0 0 0 0 0 0 0 0 0 0 0 0 0 0 0 0 0 0 0 0 0 0 0
##$SFO1= 400.172
##$SFO2= 400.172
##$SFO3= 400.172
##$SFO4= 400.172
##$SFO5= 400.172
##$SFO6= 400.172
##$SFO7= 400.172
##$SFO8= 400.172
##$TY= (0..123)
0 0 0 0 0 0 0 0 0 0 0 0 0 0 0 0 0 0 0 0 0 0 0 0 0 0 0 0 0 0 0 0 0 0 0 0
0 0 0 0 0 0 0 0 0 0 0 0 0 0 0 0 0 0 0 0 0 0 0 0 0 0 0 0 0 0 0 0 0 0 0 0
0 0 0 0 0 0 0 0 0 0 0 0 0 0 0 0 0 0 0 0 0 0 0 0 0 0 0 0 0 0 0 0 0 0 0 0
0 0 0 0 0 0 0 0 0 0 0 0 0 0 0 0
##END=
