##TITLE= Parameter file, XWIN-NMR		Version 3.0
##JCAMPDX= 5.0
##DATATYPE= Parameter Values
##ORIGIN= Bruker Analytik GmbH
##OWNER= rohonczy
$$ Wed Mar  8 20:33:34 2006 W. Europe Standard Time (UT+1h)  rohonczy@AVANCE
$$ D:/data/rohonczy/nmr/Me2NCOMe/16/scon
##$BLKPA= (0..15)
3 3 3 3 3 3 3 3 3 3 3 3 3 3 3 3 
##$BLKTR= (0..15)
3 3 3 3 3 3 3 3 3 3 3 3 3 3 3 3 
##$DE1= 2
##$DE2= 2
##$DEADC= 4
##$DEPA= 2
##$DERX= 3
##$PHASP4= (0..15)
0.5 0.5 0.5 0.5 0.5 0.5 0.5 0.5 0.5 0.5 0.5 0.5 0.5 0.5 0.5 0.5 
##$PHASPR= (0..15)
3 3 3 3 3 3 3 3 3 3 3 3 3 3 3 3 
##$SHAPPR= (0..15)
1.6 1.6 1.6 1.6 1.6 1.6 1.6 1.6 1.6 1.6 1.6 1.6 1.6 1.6 1.6 1.6 
##END=
